GEM
  remote: https://rubygems.org/
  specs:
    aws-sdk (2.7.4)
      aws-sdk-resources (= 2.7.4)
    aws-sdk-core (2.7.4)
      aws-sigv4 (~> 1.0)
      jmespath (~> 1.0)
    aws-sdk-resources (2.7.4)
      aws-sdk-core (= 2.7.4)
    aws-sigv4 (1.0.0)
    jmespath (1.3.1)
    slop (4.4.1)

PLATFORMS
  ruby

DEPENDENCIES
  aws-sdk (~> 2.7.0)
  slop

BUNDLED WITH
   1.14.3
